GIT
  remote: https://github.com/rails/jbuilder.git
  revision: 5a314bd8732d50a9fdda54d35f5e742d8499e4ba
  branch: master
  specs:
    jbuilder (2.10.0)
      activesupport (>= 5.0.0)

GEM
  remote: https://rubygems.org/
  specs:
    actioncable (6.1.2.1)
      actionpack (= 6.1.2.1)
      activesupport (= 6.1.2.1)
      nio4r (~> 2.0)
      websocket-driver (>= 0.6.1)
    actionmailbox (6.1.2.1)
      actionpack (= 6.1.2.1)
      activejob (= 6.1.2.1)
      activerecord (= 6.1.2.1)
      activestorage (= 6.1.2.1)
      activesupport (= 6.1.2.1)
      mail (>= 2.7.1)
    actionmailer (6.1.2.1)
      actionpack (= 6.1.2.1)
      actionview (= 6.1.2.1)
      activejob (= 6.1.2.1)
      activesupport (= 6.1.2.1)
      mail (~> 2.5, >= 2.5.4)
      rails-dom-testing (~> 2.0)
    actionpack (6.1.2.1)
      actionview (= 6.1.2.1)
      activesupport (= 6.1.2.1)
      rack (~> 2.0, >= 2.0.9)
      rack-test (>= 0.6.3)
      rails-dom-testing (~> 2.0)
      rails-html-sanitizer (~> 1.0, >= 1.2.0)
    actiontext (6.1.2.1)
      actionpack (= 6.1.2.1)
      activerecord (= 6.1.2.1)
      activestorage (= 6.1.2.1)
      activesupport (= 6.1.2.1)
      nokogiri (>= 1.8.5)
    actionview (6.1.2.1)
      activesupport (= 6.1.2.1)
      builder (~> 3.1)
      erubi (~> 1.4)
      rails-dom-testing (~> 2.0)
      rails-html-sanitizer (~> 1.1, >= 1.2.0)
    activejob (6.1.2.1)
      activesupport (= 6.1.2.1)
      globalid (>= 0.3.6)
    activemodel (6.1.2.1)
      activesupport (= 6.1.2.1)
    activerecord (6.1.2.1)
      activemodel (= 6.1.2.1)
      activesupport (= 6.1.2.1)
    activestorage (6.1.2.1)
      actionpack (= 6.1.2.1)
      activejob (= 6.1.2.1)
      activerecord (= 6.1.2.1)
      activesupport (= 6.1.2.1)
      marcel (~> 0.3.1)
      mimemagic (~> 0.3.2)
    activesupport (6.1.2.1)
      concurrent-ruby (~> 1.0, >= 1.0.2)
      i18n (>= 1.6, < 2)
      minitest (>= 5.1)
      tzinfo (~> 2.0)
      zeitwerk (~> 2.3)
    addressable (2.4.0)
    ast (2.4.1)
    aws-eventstream (1.0.3)
    aws-partitions (1.201.0)
    aws-sdk-core (3.62.0)
      aws-eventstream (~> 1.0, >= 1.0.2)
      aws-partitions (~> 1.0)
      aws-sigv4 (~> 1.1)
      jmespath (~> 1.0)
    aws-sdk-kms (1.22.0)
      aws-sdk-core (~> 3, >= 3.56.0)
      aws-sigv4 (~> 1.1)
    aws-sdk-s3 (1.43.0)
      aws-sdk-core (~> 3, >= 3.56.0)
      aws-sdk-kms (~> 1)
      aws-sigv4 (~> 1.1)
    aws-sigv4 (1.1.0)
      aws-eventstream (~> 1.0, >= 1.0.2)
    backports (3.17.0)
    barnes (0.0.7)
      multi_json (~> 1)
      statsd-ruby (~> 1.1)
    bcrypt (3.1.16)
    bindex (0.8.1)
    bootsnap (1.4.4)
      msgpack (~> 1.0)
    bugsnag (6.12.1)
      concurrent-ruby (~> 1.0)
    builder (3.2.4)
    capybara (3.34.0)
      addressable
      mini_mime (>= 0.1.3)
      nokogiri (~> 1.8)
      rack (>= 1.6.0)
      rack-test (>= 0.6.3)
      regexp_parser (~> 1.5)
      xpath (~> 3.2)
    childprocess (3.0.0)
    choice (0.2.0)
    climate_control (0.2.0)
    coderay (1.1.2)
    coffee-rails (5.0.0)
      coffee-script (>= 2.2.0)
      railties (>= 5.2.0)
    coffee-script (2.4.1)
      coffee-script-source
      execjs
    coffee-script-source (1.12.2)
    concurrent-ruby (1.1.8)
    coveralls (0.8.23)
      json (>= 1.8, < 3)
      simplecov (~> 0.16.1)
      term-ansicolor (~> 1.3)
      thor (>= 0.19.4, < 2.0)
      tins (~> 1.6)
    crass (1.0.6)
    devise (4.7.3)
      bcrypt (~> 3.0)
      orm_adapter (~> 0.1)
      railties (>= 4.1.0)
      responders
      warden (~> 1.2.3)
    diff-lcs (1.4.4)
    docile (1.3.2)
    erubi (1.10.0)
    ethon (0.12.0)
      ffi (>= 1.3.0)
    execjs (2.7.0)
    factory_bot (6.1.0)
      activesupport (>= 5.0.0)
    factory_bot_rails (6.1.0)
      factory_bot (~> 6.1.0)
      railties (>= 5.0.0)
    faker (1.9.3)
      i18n (>= 0.7)
    faraday (0.17.3)
      multipart-post (>= 1.2, < 3)
    faraday_middleware (0.14.0)
      faraday (>= 0.7.4, < 1.0)
    ffi (1.12.2)
    gh (0.15.1)
      addressable (~> 2.4.0)
      backports
      faraday (~> 0.8)
      multi_json (~> 1.0)
      net-http-persistent (~> 2.9)
      net-http-pipeline
    globalid (0.4.2)
      activesupport (>= 4.2.0)
    highline (1.7.10)
    i18n (1.8.8)
      concurrent-ruby (~> 1.0)
    jmespath (1.4.0)
    jquery-rails (4.4.0)
      rails-dom-testing (>= 1, < 3)
      railties (>= 4.2.0)
      thor (>= 0.14, < 2.0)
    json (2.3.0)
    launchy (2.4.3)
      addressable (~> 2.3)
    listen (3.1.5)
      rb-fsevent (~> 0.9, >= 0.9.4)
      rb-inotify (~> 0.9, >= 0.9.7)
      ruby_dep (~> 1.2)
    loofah (2.9.0)
      crass (~> 1.0.2)
      nokogiri (>= 1.5.9)
    mail (2.7.1)
      mini_mime (>= 0.1.1)
    marcel (0.3.3)
      mimemagic (~> 0.3.2)
    method_source (0.9.2)
    mime-types (3.3.1)
      mime-types-data (~> 3.2015)
    mime-types-data (3.2019.0331)
    mimemagic (0.3.5)
    mini_mime (1.0.2)
    mini_portile2 (2.5.0)
    minitest (5.14.3)
    msgpack (1.2.10)
    multi_json (1.14.1)
    multipart-post (2.1.1)
    mustache (1.1.1)
    net-http-persistent (2.9.4)
    net-http-pipeline (1.0.1)
    nio4r (2.5.5)
    nokogiri (1.11.1)
      mini_portile2 (~> 2.5.0)
      racc (~> 1.4)
    orm_adapter (0.5.0)
    paperclip (6.1.0)
      activemodel (>= 4.2.0)
      activesupport (>= 4.2.0)
      mime-types
      mimemagic (~> 0.3.0)
      terrapin (~> 0.6.0)
    parallel (1.20.1)
    parser (3.0.0.0)
      ast (~> 2.4.1)
    pg (1.1.4)
    pry (0.12.2)
      coderay (~> 1.1.0)
      method_source (~> 0.9.0)
    pry-nav (0.3.0)
      pry (>= 0.9.10, < 0.13.0)
    pry-rails (0.3.9)
      pry (>= 0.10.4)
    puma (3.12.6)
    pusher-client (0.6.2)
      json
      websocket (~> 1.0)
    racc (1.5.2)
    rack (2.2.3)
    rack-test (1.1.0)
      rack (>= 1.0, < 3)
    rails (6.1.2.1)
      actioncable (= 6.1.2.1)
      actionmailbox (= 6.1.2.1)
      actionmailer (= 6.1.2.1)
      actionpack (= 6.1.2.1)
      actiontext (= 6.1.2.1)
      actionview (= 6.1.2.1)
      activejob (= 6.1.2.1)
      activemodel (= 6.1.2.1)
      activerecord (= 6.1.2.1)
      activestorage (= 6.1.2.1)
      activesupport (= 6.1.2.1)
      bundler (>= 1.15.0)
      railties (= 6.1.2.1)
      sprockets-rails (>= 2.0.0)
    rails-controller-testing (1.0.5)
      actionpack (>= 5.0.1.rc1)
      actionview (>= 5.0.1.rc1)
      activesupport (>= 5.0.1.rc1)
    rails-dom-testing (2.0.3)
      activesupport (>= 4.2.0)
      nokogiri (>= 1.6)
    rails-erd (1.6.0)
      activerecord (>= 4.2)
      activesupport (>= 4.2)
      choice (~> 0.2.0)
      ruby-graphviz (~> 1.2)
    rails-html-sanitizer (1.3.0)
      loofah (~> 2.3)
    railties (6.1.2.1)
      actionpack (= 6.1.2.1)
      activesupport (= 6.1.2.1)
      method_source
      rake (>= 0.8.7)
      thor (~> 1.0)
    rainbow (3.0.0)
    rake (13.0.3)
    rb-fsevent (0.10.3)
    rb-inotify (0.10.0)
      ffi (~> 1.0)
    recaptcha (5.4.1)
      json
    regexp_parser (1.8.2)
    responders (3.0.1)
      actionpack (>= 5.0)
      railties (>= 5.0)
    rexml (3.2.4)
    rspec (3.9.0)
      rspec-core (~> 3.9.0)
      rspec-expectations (~> 3.9.0)
      rspec-mocks (~> 3.9.0)
    rspec-core (3.9.3)
      rspec-support (~> 3.9.3)
    rspec-expectations (3.9.4)
      diff-lcs (>= 1.2.0, < 2.0)
      rspec-support (~> 3.9.0)
    rspec-mocks (3.9.1)
      diff-lcs (>= 1.2.0, < 2.0)
      rspec-support (~> 3.9.0)
    rspec-rails (3.9.1)
      actionpack (>= 3.0)
      activesupport (>= 3.0)
      railties (>= 3.0)
      rspec-core (~> 3.9.0)
      rspec-expectations (~> 3.9.0)
      rspec-mocks (~> 3.9.0)
      rspec-support (~> 3.9.0)
    rspec-support (3.9.4)
    rspec_api_documentation (6.1.0)
      activesupport (>= 3.0.0)
      mustache (~> 1.0, >= 0.99.4)
      rspec (~> 3.0)
    rubocop (1.7.0)
      parallel (~> 1.10)
      parser (>= 2.7.1.5)
      rainbow (>= 2.2.2, < 4.0)
      regexp_parser (>= 1.8, < 3.0)
      rexml
      rubocop-ast (>= 1.2.0, < 2.0)
      ruby-progressbar (~> 1.7)
      unicode-display_width (>= 1.4.0, < 2.0)
    rubocop-ast (1.4.0)
      parser (>= 2.7.1.5)
    rubocop-packaging (0.5.1)
      rubocop (>= 0.89, < 2.0)
    rubocop-performance (1.9.2)
      rubocop (>= 0.90.0, < 2.0)
      rubocop-ast (>= 0.4.0)
    rubocop-rails (2.9.1)
      activesupport (>= 4.2.0)
      rack (>= 1.1)
      rubocop (>= 0.90.0, < 2.0)
    rubocop-rails_config (1.1.3)
      railties (>= 5.0)
      rubocop (>= 1.0)
      rubocop-ast (>= 1.0.1)
      rubocop-packaging (~> 0.5)
      rubocop-performance (~> 1.3)
      rubocop-rails (~> 2.0)
    ruby-graphviz (1.2.5)
      rexml
    ruby-progressbar (1.11.0)
    ruby_dep (1.5.0)
    rubyzip (1.3.0)
    selenium-webdriver (3.142.7)
      childprocess (>= 0.5, < 4.0)
      rubyzip (>= 1.2.2)
    shoulda-matchers (4.3.0)
      activesupport (>= 4.2.0)
    simple_form (5.0.3)
      actionpack (>= 5.0)
      activemodel (>= 5.0)
    simplecov (0.16.1)
      docile (~> 1.1)
      json (>= 1.8, < 3)
      simplecov-html (~> 0.10.0)
    simplecov-html (0.10.2)
    spring (2.1.0)
    spring-watcher-listen (2.0.1)
      listen (>= 2.7, < 4.0)
      spring (>= 1.2, < 3.0)
    sprockets (4.0.2)
      concurrent-ruby (~> 1.0)
      rack (> 1, < 3)
    sprockets-rails (3.2.2)
      actionpack (>= 4.0)
      activesupport (>= 4.0)
      sprockets (>= 3.0.0)
    statsd-ruby (1.4.0)
    sync (0.5.0)
    term-ansicolor (1.7.1)
      tins (~> 1.0)
    terrapin (0.6.0)
      climate_control (>= 0.0.3, < 1.0)
    thor (1.1.0)
    tins (1.24.1)
      sync
    travis (1.8.12)
      backports
      faraday (~> 0.9)
      faraday_middleware (~> 0.9, >= 0.9.1)
      gh (~> 0.13)
      highline (~> 1.6)
      launchy (~> 2.1)
      pusher-client (~> 0.4)
      typhoeus (~> 0.6, >= 0.6.8)
    turbolinks (5.2.0)
      turbolinks-source (~> 5.2)
    turbolinks-source (5.2.0)
    typhoeus (0.8.0)
      ethon (>= 0.8.0)
    tzinfo (2.0.4)
      concurrent-ruby (~> 1.0)
    uglifier (4.1.20)
      execjs (>= 0.3.0, < 3)
    unicode-display_width (1.7.0)
    warden (1.2.9)
      rack (>= 2.0.9)
    web-console (4.1.0)
      actionview (>= 6.0.0)
      activemodel (>= 6.0.0)
      bindex (>= 0.4.0)
      railties (>= 6.0.0)
    webdrivers (3.9.4)
      nokogiri (~> 1.6)
      rubyzip (~> 1.0)
      selenium-webdriver (~> 3.0)
    websocket (1.2.8)
    websocket-driver (0.7.3)
      websocket-extensions (>= 0.1.0)
    websocket-extensions (0.1.5)
    xpath (3.2.0)
      nokogiri (~> 1.8)
    zeitwerk (2.4.2)

PLATFORMS
  ruby

DEPENDENCIES
  aws-sdk-s3 (~> 1)
  barnes
  bootsnap (>= 1.1.0)
  bugsnag (~> 6.12)
  capybara (>= 3.31.0)
  coffee-rails (~> 5.0, >= 5.0.0)
  coveralls (>= 0.8.23)
  devise (>= 4.7.1)
  factory_bot_rails (>= 5.2.0)
  faker
  jbuilder!
  jquery-rails (>= 4.4.0)
  listen (>= 3.0.5, < 3.2)
  paperclip (>= 6.1.0)
  pg
  pry-nav
  pry-rails
  puma (~> 3.12, >= 3.12.6)
  rack (>= 2.0.8)
  rails (>= 6.1.2.1)
  rails-controller-testing (>= 1.0.4)
  rails-erd (>= 1.6.0)
  recaptcha (>= 5.1.0)
  rspec-rails (~> 3.9, >= 3.9.1)
  rspec_api_documentation (>= 6.1.0)
  rubocop-rails_config (>= 0.12.1)
  selenium-webdriver (>= 3.142.3)
  shoulda-matchers (>= 4.1.0)
  simple_form (>= 5.0.2)
  spring
  spring-watcher-listen (~> 2.0.0)
  sprockets-rails (>= 3.2.1)
  travis (>= 1.8.10)
  turbolinks (~> 5)
  tzinfo-data
  uglifier (>= 1.3.0)
  web-console (>= 4.0.2)
  webdrivers (~> 3.9, >= 3.9.4)

RUBY VERSION
   ruby 2.6.3p62

BUNDLED WITH
   1.17.3
